GEM
  remote: http://rubygems.org/
  specs:
    adsf (1.2.0)
      rack (>= 1.0.0)
    builder (3.2.2)
    colored (1.2)
    cri (2.7.0)
      colored (~> 1.2)
    daemons (1.2.3)
    eventmachine (1.0.9.1)
    fssm (0.2.10)
    kramdown (1.9.0)
    mime-types (1.25.1)
    mini_portile2 (2.0.0)
    nanoc (3.7.5)
      cri (~> 2.3)
    nokogiri (1.6.7.2)
      mini_portile2 (~> 2.0.0.rc2)
    posix-spawn (0.3.11)
    pygments.rb (0.6.3)
      posix-spawn (~> 0.3.6)
      yajl-ruby (~> 1.2.0)
    rack (1.6.4)
    rake (0.9.6)
    thin (1.6.4)
      daemons (~> 1.0, >= 1.0.9)
      eventmachine (~> 1.0, >= 1.0.4)
      rack (~> 1.0)
    yajl-ruby (1.2.1)

PLATFORMS
  ruby

DEPENDENCIES
  adsf
  builder
  fssm
  kramdown
  mime-types (~> 1.16)
  nanoc (~> 3.7.5)
  nokogiri
  pygments.rb
  rake (~> 0.9.2)
  thin
  yajl-ruby
