GEM
  remote: http://rubygems.org/
  specs:
    adsf (1.2.0)
      rack (>= 1.0.0)
    builder (3.2.2)
    colored (1.2)
    cri (2.6.1)
      colored (~> 1.2)
    daemons (1.1.9)
    eventmachine (1.0.3)
    fssm (0.2.10)
    kramdown (1.5.0)
    mime-types (2.4.3)
    nanoc (3.7.4)
      cri (~> 2.3)
    nokogiri (1.4.7)
    posix-spawn (0.3.9)
    pygments.rb (0.6.0)
      posix-spawn (~> 0.3.6)
      yajl-ruby (~> 1.1.0)
    rack (1.5.2)
    rake (10.4.0)
    thin (1.6.3)
      daemons (~> 1.0, >= 1.0.9)
      eventmachine (~> 1.0)
      rack (~> 1.0)
    yajl-ruby (1.1.0)

PLATFORMS
  ruby

DEPENDENCIES
  adsf
  builder
  fssm
  kramdown
  mime-types
  nanoc
  nokogiri (~> 1.4.4)
  pygments.rb
  rake
  thin
  yajl-ruby
