GEM
  remote: http://rubygems.org/
  specs:
    adsf (1.2.0)
      rack (>= 1.0.0)
    builder (3.2.2)
    chunky_png (1.3.5)
    coderay (1.1.1)
    colored (1.2)
    compass (0.12.7)
      chunky_png (~> 1.2)
      fssm (>= 0.2.7)
      sass (~> 3.2.19)
    cri (2.7.0)
      colored (~> 1.2)
    d-mark (1.0.0a1)
    daemons (1.2.3)
    eventmachine (1.0.9.1)
    ffi (1.9.10)
    ffi-aspell (1.1.0)
      ffi
    fssm (0.2.10)
    haml (4.0.7)
      tilt
    htmlcompressor (0.3.0)
    json (1.8.3)
    kramdown (1.9.0)
    mime-types (1.25.1)
    mini_portile2 (2.0.0)
    nanoc (4.1.4)
      cri (~> 2.3)
    nokogiri (1.6.7.2)
      mini_portile2 (~> 2.0.0.rc2)
    posix-spawn (0.3.11)
    pygments.rb (0.6.3)
      posix-spawn (~> 0.3.6)
      yajl-ruby (~> 1.2.0)
    rack (1.6.4)
    rainpress (1.0)
    rake (10.5.0)
    rubypants (0.2.0)
    sass (3.2.19)
    susy (1.0.9)
      compass (>= 0.12.2)
      sass (>= 3.2.0)
    thin (1.6.4)
      daemons (~> 1.0, >= 1.0.9)
      eventmachine (~> 1.0, >= 1.0.4)
      rack (~> 1.0)
    tilt (2.0.2)
    w3c_validators (1.2)
      json
      nokogiri
    yajl-ruby (1.2.1)
    yard (0.8.7.6)

PLATFORMS
  ruby

DEPENDENCIES
  adsf
  builder
  coderay
  compass
  d-mark (~> 1.0.0a1)
  ffi-aspell
  fssm
  haml
  htmlcompressor
  kramdown
  mime-types (~> 1.16)
  nanoc (~> 4.1)
  nokogiri
  pygments.rb
  rainpress
  rake
  rubypants
  sass (~> 3.2.13)
  susy
  thin
  w3c_validators
  yajl-ruby
  yard
