GEM
  remote: http://rubygems.org/
  specs:
    adsf (1.2.1)
      rack (>= 1.0.0)
    builder (3.2.2)
    colored (1.2)
    concurrent-ruby (1.0.2)
    cri (2.7.0)
      colored (~> 1.2)
    daemons (1.2.4)
    eventmachine (1.2.0.1)
    fssm (0.2.10)
    hamster (3.0.0)
      concurrent-ruby (~> 1.0)
    kramdown (1.12.0)
    mime-types (1.25.1)
    mini_portile (0.6.0)
    nanoc (4.3.2)
      cri (~> 2.3)
      hamster (~> 3.0)
      ref (~> 2.0)
    nokogiri (1.6.3.1)
      mini_portile (= 0.6.0)
    posix-spawn (0.3.11)
    pygments.rb (0.6.3)
      posix-spawn (~> 0.3.6)
      yajl-ruby (~> 1.2.0)
    rack (1.6.4)
    ref (2.0.0)
    thin (1.7.0)
      daemons (~> 1.0, >= 1.0.9)
      eventmachine (~> 1.0, >= 1.0.4)
      rack (>= 1, < 3)
    yajl-ruby (1.2.1)
    yard (0.9.5)

PLATFORMS
  ruby

DEPENDENCIES
  adsf
  builder
  fssm
  kramdown
  mime-types (~> 1.16)
  nanoc (~> 4.1)
  nokogiri (~> 1.6.3.1)
  pygments.rb
  rack (~> 1.6)
  thin
  yajl-ruby
  yard
